PATH
  remote: .
  specs:
    rspectacular (0.37.0)
      fuubar (~> 2.0.beta)
      rspec (~> 3.0.beta)

GEM
  remote: http://rubygems.org/
  specs:
    awesome_print (1.1.0)
    diff-lcs (1.2.5)
    fuubar (2.0.0.beta1)
      rspec (~> 3.0.beta)
      ruby-progressbar (~> 1.3)
    rspec (3.0.0.beta2)
      rspec-core (= 3.0.0.beta2)
      rspec-expectations (= 3.0.0.beta2)
      rspec-mocks (= 3.0.0.beta2)
    rspec-core (3.0.0.beta2)
      rspec-support (= 3.0.0.beta2)
    rspec-expectations (3.0.0.beta2)
      diff-lcs (>= 1.2.0, < 2.0)
      rspec-support (= 3.0.0.beta2)
    rspec-mocks (3.0.0.beta2)
      rspec-support (= 3.0.0.beta2)
    rspec-support (3.0.0.beta2)
    ruby-progressbar (1.4.2)

PLATFORMS
  ruby

DEPENDENCIES
  awesome_print
  fuubar
  rspectacular!
